GIT
  remote: git://github.com/NUBIC/aker-cas_cli.git
  revision: 2c8ac76cc2d6588abbab75ad8ed30868917a7be7
  specs:
    aker-cas_cli (0.0.1.pre)
      aker (~> 3.0)
      mechanize (~> 2.1.0)

GIT
  remote: git://github.com/bmabey/database_cleaner.git
  revision: 98675ee71d7af1514192eef11ab5db487a656e2f
  specs:
    database_cleaner (0.7.0)

GIT
  remote: git://github.com/yipdw/surveyor.git
  revision: a8f30c1826d3e8554850dc066cec2538cd11320a
  branch: relax-response-paranoia
  specs:
    surveyor (0.21.0)
      fastercsv (~> 1.5.4)
      formtastic (~> 1.2.4)
      haml (~> 3.1.3)
      rails (~> 3.0)
      sass
      uuid

GEM
  remote: http://rubygems.org/
  specs:
    actionmailer (3.1.1)
      actionpack (= 3.1.1)
      mail (~> 2.3.0)
    actionpack (3.1.1)
      activemodel (= 3.1.1)
      activesupport (= 3.1.1)
      builder (~> 3.0.0)
      erubis (~> 2.7.0)
      i18n (~> 0.6)
      rack (~> 1.3.2)
      rack-cache (~> 1.1)
      rack-mount (~> 0.8.2)
      rack-test (~> 0.6.1)
      sprockets (~> 2.0.2)
    activemodel (3.1.1)
      activesupport (= 3.1.1)
      builder (~> 3.0.0)
      i18n (~> 0.6)
    activerecord (3.1.1)
      activemodel (= 3.1.1)
      activesupport (= 3.1.1)
      arel (~> 2.2.1)
      tzinfo (~> 0.3.29)
    activeresource (3.1.1)
      activemodel (= 3.1.1)
      activesupport (= 3.1.1)
    activesupport (3.1.1)
      multi_json (~> 1.0)
    addressable (2.2.7)
    aker (3.0.3)
      activesupport (>= 2.3.0)
      castanet (~> 1.0.0)
      i18n (~> 0.4)
      net-ldap (~> 0.1.1)
      rubytree (~> 0.7.0)
      warden (~> 1.0)
    aker-rails (3.0.2)
      aker (~> 3.0)
      rails (~> 3.0, >= 3.0.4)
    arel (2.2.1)
    bcdatabase (1.2.1)
      activesupport (>= 2.0)
      highline (~> 1.5)
      i18n
      thor (~> 0.14.6)
    bcrypt-ruby (3.0.1)
    builder (3.0.0)
    capistrano (2.9.0)
      highline
      net-scp (>= 1.0.0)
      net-sftp (>= 2.0.0)
      net-ssh (>= 2.0.14)
      net-ssh-gateway (>= 1.1.0)
    capybara (1.1.2)
      mime-types (>= 1.16)
      nokogiri (>= 1.3.3)
      rack (>= 1.0.0)
      rack-test (>= 0.5.4)
      selenium-webdriver (~> 2.0)
      xpath (~> 0.1.4)
    castanet (1.0.1)
    childprocess (0.2.8)
      ffi (~> 1.0.6)
    chunky_png (1.2.5)
    ci_reporter (1.6.9)
      builder (>= 2.1.2)
    coffee-rails (3.1.1)
      coffee-script (>= 2.2.0)
      railties (~> 3.1.0)
    coffee-script (2.2.0)
      coffee-script-source
      execjs
    coffee-script-source (1.2.0)
    columnize (0.3.6)
    compass (0.11.7)
      chunky_png (~> 1.2)
      fssm (>= 0.2.7)
      sass (~> 3.1)
    crack (0.3.1)
    cucumber (1.1.4)
      builder (>= 2.1.2)
      diff-lcs (>= 1.1.2)
      gherkin (~> 2.7.1)
      json (>= 1.4.6)
      term-ansicolor (>= 1.0.6)
    cucumber-rails (1.2.1)
      capybara (>= 1.1.2)
      cucumber (>= 1.1.3)
      nokogiri (>= 1.5.0)
    data_objects (0.10.8)
      addressable (~> 2.1)
    diff-lcs (1.1.3)
    dm-aggregates (1.2.0)
      dm-core (~> 1.2.0)
    dm-ar-finders (1.2.0)
      dm-core (~> 1.2.0)
    dm-constraints (1.2.0)
      dm-core (~> 1.2.0)
    dm-core (1.2.0)
      addressable (~> 2.2.6)
    dm-do-adapter (1.2.0)
      data_objects (~> 0.10.6)
      dm-core (~> 1.2.0)
    dm-migrations (1.2.0)
      dm-core (~> 1.2.0)
    dm-postgres-adapter (1.2.0)
      dm-do-adapter (~> 1.2.0)
      do_postgres (~> 0.10.6)
    dm-transactions (1.2.0)
      dm-core (~> 1.2.0)
    dm-types (1.2.1)
      bcrypt-ruby (~> 3.0.0)
      dm-core (~> 1.2.0)
      fastercsv (~> 1.5.4)
      json (~> 1.6.1)
      multi_json (~> 1.0.3)
      stringex (~> 1.3.0)
      uuidtools (~> 2.1.2)
    dm-validations (1.2.0)
      dm-core (~> 1.2.0)
    do_postgres (0.10.8)
      data_objects (= 0.10.8)
    domain_name (0.5.1)
      unf (~> 0.0.3)
    em-websocket (0.3.6)
      addressable (>= 2.1.1)
      eventmachine (>= 0.12.9)
    erubis (2.7.0)
    eventmachine (0.12.10)
    exception_notification (2.5.2)
      actionmailer (>= 3.0.4)
    execjs (1.2.13)
      multi_json (~> 1.0)
    factory_girl (2.3.2)
      activesupport
    fakeweb (1.3.0)
    faraday (0.7.5)
      addressable (~> 2.2.6)
      multipart-post (~> 1.1.3)
      rack (>= 1.1.0, < 2)
    faraday-stack (0.1.3)
      faraday (~> 0.6)
    fastercsv (1.5.4)
    ffi (1.0.11)
    foreigner (1.1.1)
      activerecord (>= 3.0.0)
    foreman (0.39.0)
      term-ansicolor (~> 1.0.7)
      thor (>= 0.13.6)
    formtastic (1.2.4)
      actionpack (>= 2.3.7)
      activesupport (>= 2.3.7)
      i18n (~> 0.4)
    fssm (0.2.8.1)
    gherkin (2.7.2)
      json (>= 1.4.6)
    guard (0.10.0)
      ffi (>= 0.5.0)
      thor (~> 0.14.6)
    guard-bundler (0.1.3)
      bundler (>= 1.0.0)
      guard (>= 0.2.2)
    guard-coffeescript (0.5.4)
      coffee-script (>= 2.2.0)
      guard (>= 0.8.3)
    guard-cucumber (0.7.4)
      cucumber (>= 0.10)
      guard (>= 0.8.3)
    guard-livereload (0.4.0)
      em-websocket (>= 0.2.0)
      guard (>= 0.10.0)
      multi_json (~> 1.0.3)
    guard-rspec (0.6.0)
      guard (>= 0.10.0)
    guard-spork (0.5.1)
      guard (>= 0.10.0)
      spork (>= 0.8.4)
    haml (3.1.4)
    highline (1.6.9)
    hike (1.2.1)
    i18n (0.6.0)
    inifile (0.4.1)
    jasmine (1.1.2)
      jasmine-core (>= 1.1.0)
      rack (>= 1.1)
      rspec (>= 1.3.1)
      selenium-webdriver (>= 0.1.3)
    jasmine-core (1.1.0)
    jquery-rails (1.0.19)
      railties (~> 3.0)
      thor (~> 0.14)
    json (1.6.4)
    json-schema (1.0.4)
    launchy (2.0.5)
      addressable (~> 2.2.6)
    libv8 (3.3.10.4)
    linecache (0.46)
      rbx-require-relative (> 0.0.4)
    macaddr (1.5.0)
      systemu (>= 2.4.0)
    mail (2.3.0)
      i18n (>= 0.4.0)
      mime-types (~> 1.16)
      treetop (~> 1.4.8)
    mechanize (2.1)
      domain_name (~> 0.5, >= 0.5.1)
      net-http-digest_auth (~> 1.1, >= 1.1.1)
      net-http-persistent (~> 2.3, >= 2.3.2)
      nokogiri (~> 1.4)
      ntlm-http (~> 0.1, >= 0.1.1)
      webrobots (~> 0.0, >= 0.0.9)
    mime-types (1.17.2)
    multi_json (1.0.4)
    multipart-post (1.1.4)
    ncs_mdes (0.5.0)
      nokogiri (~> 1.4)
    ncs_mdes_warehouse (0.4.0)
      activesupport (~> 3.0)
      bcdatabase (~> 1.1)
      builder (>= 2.1.2)
      childprocess (~> 0.2.3)
      dm-aggregates (~> 1.2.0)
      dm-constraints (~> 1.2.0)
      dm-core (~> 1.2.0)
      dm-migrations (~> 1.2.0)
      dm-postgres-adapter (~> 1.2.0)
      dm-transactions (~> 1.2.0)
      dm-types (~> 1.2.0)
      dm-validations (~> 1.2.0)
      i18n (~> 0.4)
      json (~> 1.6)
      ncs_mdes (~> 0.5)
      ncs_navigator_configuration (~> 0.2)
      nokogiri (~> 1.5.0)
      rubyzip (~> 0.9.4)
      thor (~> 0.14.6)
    ncs_navigator_configuration (0.2.0)
      fastercsv (~> 1.5)
      inifile (~> 0.4.1)
      ncs_mdes (~> 0.4)
    net-http-digest_auth (1.2)
    net-http-persistent (2.3.3)
    net-ldap (0.1.1)
    net-scp (1.0.4)
      net-ssh (>= 1.99.1)
    net-sftp (2.0.5)
      net-ssh (>= 2.0.9)
    net-ssh (2.2.2)
    net-ssh-gateway (1.1.0)
      net-ssh (>= 1.99.1)
    newrelic_rpm (3.3.1)
    nokogiri (1.5.0)
    ntlm-http (0.1.1)
    paper_trail (2.2.2)
      rails (~> 3)
    pg (0.12.2)
    pickle (0.4.10)
      cucumber (>= 0.8)
      rake
    polyamorous (0.5.0)
      activerecord (~> 3.0)
    polyglot (0.3.3)
    psc (0.0.2)
      activesupport (>= 2.3)
      builder (>= 2.1.2)
      faraday (~> 0.7.0)
      faraday-stack (~> 0.1.1)
      nokogiri (~> 1.4)
    rack (1.3.6)
    rack-cache (1.1)
      rack (>= 0.4)
    rack-mount (0.8.3)
      rack (>= 1.0.0)
    rack-ssl (1.3.2)
      rack
    rack-test (0.6.1)
      rack (>= 1.0)
    rails (3.1.1)
      actionmailer (= 3.1.1)
      actionpack (= 3.1.1)
      activerecord (= 3.1.1)
      activeresource (= 3.1.1)
      activesupport (= 3.1.1)
      bundler (~> 1.0)
      railties (= 3.1.1)
    railties (3.1.1)
      actionpack (= 3.1.1)
      activesupport (= 3.1.1)
      rack-ssl (~> 1.3.2)
      rake (>= 0.8.7)
      rdoc (~> 3.4)
      thor (~> 0.14.6)
    rake (0.9.2.2)
    ransack (0.5.8)
      actionpack (~> 3.0)
      activerecord (~> 3.0)
      polyamorous (~> 0.5.0)
    rb-fsevent (0.4.3.1)
    rbx-require-relative (0.0.5)
    rcov (0.9.11)
    rdoc (3.12)
      json (~> 1.4)
    redis (2.2.2)
    rspec (2.6.0)
      rspec-core (~> 2.6.0)
      rspec-expectations (~> 2.6.0)
      rspec-mocks (~> 2.6.0)
    rspec-core (2.6.4)
    rspec-expectations (2.6.0)
      diff-lcs (~> 1.1.2)
    rspec-mocks (2.6.0)
    rspec-rails (2.6.1)
      actionpack (~> 3.0)
      activesupport (~> 3.0)
      railties (~> 3.0)
      rspec (~> 2.6.0)
    ruby-debug (0.10.4)
      columnize (>= 0.1)
      ruby-debug-base (~> 0.10.4.0)
    ruby-debug-base (0.10.4)
      linecache (>= 0.3)
    rubytree (0.7.0)
    rubyzip (0.9.5)
    sass (3.1.12)
    sass-rails (3.1.5)
      actionpack (~> 3.1.0)
      railties (~> 3.1.0)
      sass (~> 3.1.10)
      tilt (~> 1.3.2)
    selenium-webdriver (2.16.0)
      childprocess (>= 0.2.5)
      ffi (~> 1.0.9)
      multi_json (~> 1.0.4)
      rubyzip
    shoulda (2.11.3)
    spork (0.9.0.rc9)
    sprockets (2.0.3)
      hike (~> 1.2)
      rack (~> 1.0)
      tilt (~> 1.1, != 1.3.0)
    state_machine (1.1.1)
    state_machine-audit_trail (0.0.5)
      state_machine
    stringex (1.3.2)
    systemu (2.4.2)
    term-ansicolor (1.0.7)
    therubyracer (0.9.9)
      libv8 (~> 3.3.10)
    thor (0.14.6)
    tilt (1.3.3)
    treetop (1.4.10)
      polyglot
      polyglot (>= 0.3.1)
    tzinfo (0.3.31)
    uglifier (1.2.1)
      execjs (>= 0.3.0)
      multi_json (>= 1.0.2)
    unf (0.0.4)
      unf_ext
    unf_ext (0.0.4)
    uuid (2.3.4)
      macaddr (~> 1.0)
    uuidtools (2.1.2)
    vcr (1.11.3)
    warden (1.1.0)
      rack (>= 1.0)
    watchr (0.7)
    webmock (1.8.0)
      addressable (>= 2.2.7)
      crack (>= 0.1.7)
    webrobots (0.0.12)
      nokogiri (>= 1.4.4)
    will_paginate (3.0.2)
    xpath (0.1.4)
      nokogiri (~> 1.3)

PLATFORMS
  ruby

DEPENDENCIES
  aker (~> 3.0)
  aker-cas_cli!
  aker-rails
  bcdatabase (~> 1.0)
  capistrano
  capybara
  ci_reporter
  coffee-rails (~> 3.1.0)
  compass
  cucumber
  cucumber-rails
  database_cleaner!
  dm-ar-finders (~> 1.2.0)
  exception_notification
  factory_girl
  fakeweb
  faraday
  fastercsv
  foreigner
  foreman
  formtastic (= 1.2.4)
  guard
  guard-bundler
  guard-coffeescript
  guard-cucumber
  guard-livereload
  guard-rspec
  guard-spork
  haml (~> 3.1)
  jasmine
  jquery-rails
  json-schema
  launchy
  ncs_mdes (~> 0.5)
  ncs_mdes_warehouse (~> 0.4)
  ncs_navigator_configuration
  newrelic_rpm
  paper_trail (~> 2)
  pg
  pickle
  psc
  rack-test
  rails (= 3.1.1)
  ransack
  rb-fsevent
  rcov
  redis
  rspec-rails (= 2.6.1)
  ruby-debug
  sass-rails (~> 3.1.0)
  shoulda
  spork (> 0.9.0.rc)
  state_machine
  state_machine-audit_trail
  surveyor!
  therubyracer
  uglifier
  uuid
  vcr
  watchr
  webmock
  will_paginate
