GEM
  remote: http://rubygems.org/
  remote: http://download.bioinformatics.northwestern.edu/gems/
  specs:
    abstract (1.0.0)
    actionmailer (3.0.7)
      actionpack (= 3.0.7)
      mail (~> 2.2.15)
    actionpack (3.0.7)
      activemodel (= 3.0.7)
      activesupport (= 3.0.7)
      builder (~> 2.1.2)
      erubis (~> 2.6.6)
      i18n (~> 0.5.0)
      rack (~> 1.2.1)
      rack-mount (~> 0.6.14)
      rack-test (~> 0.5.7)
      tzinfo (~> 0.3.23)
    activemodel (3.0.7)
      activesupport (= 3.0.7)
      builder (~> 2.1.2)
      i18n (~> 0.5.0)
    activerecord (3.0.7)
      activemodel (= 3.0.7)
      activesupport (= 3.0.7)
      arel (~> 2.0.2)
      tzinfo (~> 0.3.23)
    activerecord-oracle_enhanced-adapter (1.3.2)
    activeresource (3.0.7)
      activemodel (= 3.0.7)
      activesupport (= 3.0.7)
    activesupport (3.0.7)
    arel (2.0.10)
    bcaudit (0.1.0)
      activerecord (>= 2.3.2)
      rack (~> 1.1)
    bcdatabase (1.0.5)
      activesupport (>= 2.0)
      highline (~> 1.5)
      i18n
    bcsec (2.1.1)
      activerecord (>= 2.3.0)
      activerecord-oracle_enhanced-adapter (~> 1.3.0)
      bcaudit (~> 0.1)
      bcdatabase (~> 1.0)
      castanet (~> 1.0.0)
      composite_primary_keys
      net-ldap (~> 0.1.1)
      rubytree (~> 0.7.0)
      schema_qualified_tables (~> 1.0)
      warden (~> 1.0)
    bcsec-rails (3.0.0)
      bcsec (>= 2.1.0)
      rails (~> 3.0)
    builder (2.1.2)
    capybara (1.0.0.rc1)
      mime-types (>= 1.16)
      nokogiri (>= 1.3.3)
      rack (>= 1.0.0)
      rack-test (>= 0.5.4)
      selenium-webdriver (~> 0.2.0)
      xpath (~> 0.1.4)
    castanet (1.0.0)
    childprocess (0.1.9)
      ffi (~> 1.0.6)
    composite_primary_keys (3.1.9)
      activerecord (~> 3.0.0, >= 3.0.5)
    configuration (1.2.0)
    cucumber (0.10.6)
      builder (>= 2.1.2)
      diff-lcs (>= 1.1.2)
      gherkin (~> 2.4.0)
      json (>= 1.4.6)
      term-ansicolor (>= 1.0.5)
    cucumber-rails (0.5.2)
      capybara (>= 1.0.0.rc1)
      cucumber (>= 0.10.5)
      nokogiri (>= 1.4.4)
      rack-test (>= 0.5.7)
    database_cleaner (0.6.7)
    diff-lcs (1.1.2)
    erubis (2.6.6)
      abstract (>= 1.0.0)
    factory_girl (1.3.3)
    fastercsv (1.5.4)
    ffi (1.0.9)
    gherkin (2.4.0)
      json (>= 1.4.6)
    highline (1.6.2)
    i18n (0.5.0)
    json (1.5.1)
    json_pure (1.5.1)
    launchy (0.4.0)
      configuration (>= 0.0.5)
      rake (>= 0.8.1)
    mail (2.2.19)
      activesupport (>= 2.3.6)
      i18n (>= 0.4.0)
      mime-types (~> 1.16)
      treetop (~> 1.4.8)
    mime-types (1.16)
    ncs-mdes (0.1.0)
      nokogiri (~> 1.4)
    net-ldap (0.1.1)
    nokogiri (1.4.4)
    pg (0.11.0)
    polyglot (0.3.1)
    rack (1.2.3)
    rack-mount (0.6.14)
      rack (>= 1.0.0)
    rack-test (0.5.7)
      rack (>= 1.0)
    rails (3.0.7)
      actionmailer (= 3.0.7)
      actionpack (= 3.0.7)
      activerecord (= 3.0.7)
      activeresource (= 3.0.7)
      activesupport (= 3.0.7)
      bundler (~> 1.0)
      railties (= 3.0.7)
    railties (3.0.7)
      actionpack (= 3.0.7)
      activesupport (= 3.0.7)
      rake (>= 0.8.7)
      thor (~> 0.14.4)
    rake (0.9.2)
    rcov (0.9.9)
    rspec (2.6.0)
      rspec-core (~> 2.6.0)
      rspec-expectations (~> 2.6.0)
      rspec-mocks (~> 2.6.0)
    rspec-core (2.6.4)
    rspec-expectations (2.6.0)
      diff-lcs (~> 1.1.2)
    rspec-mocks (2.6.0)
    rspec-rails (2.6.1)
      actionpack (~> 3.0)
      activesupport (~> 3.0)
      railties (~> 3.0)
      rspec (~> 2.6.0)
    rubytree (0.7.0)
    rubyzip (0.9.4)
    schema_qualified_tables (1.0.0)
      activerecord (>= 2.3)
    selenium-webdriver (0.2.1)
      childprocess (>= 0.1.7)
      ffi (>= 1.0.7)
      json_pure
      rubyzip
    shoulda (2.11.3)
    spork (0.8.5)
    term-ansicolor (1.0.5)
    thor (0.14.6)
    treetop (1.4.9)
      polyglot (>= 0.3.1)
    tzinfo (0.3.27)
    warden (1.0.4)
      rack (>= 1.0)
    watchr (0.7)
    xpath (0.1.4)
      nokogiri (~> 1.3)

PLATFORMS
  ruby

DEPENDENCIES
  bcdatabase (~> 1.0.5)
  bcsec (~> 2.1.1)
  bcsec-rails (>= 3.0)
  capybara
  cucumber
  cucumber-rails
  database_cleaner
  factory_girl
  fastercsv
  launchy
  ncs-mdes (= 0.1.0)
  pg
  rails (= 3.0.7)
  rcov
  rspec-rails (~> 2.4)
  shoulda
  spork
  watchr
