GIT
  remote: git://github.com/rsutphin/database_cleaner.git
  revision: f451054745a36d361127ddd128c362df7f38547d
  branch: dm-pg-single-trunc
  specs:
    database_cleaner (0.7.2)

GIT
  remote: https://github.com/NUBIC/ncs_navigator_configuration.git
  revision: 0067e1dc47df1ec5cf7b837a654694259afdb691
  specs:
    ncs_navigator_configuration (0.3.3.pre)
      fastercsv (~> 1.5)
      inifile (~> 0.4.1)
      ncs_mdes (~> 0.4)

GEM
  remote: http://rubygems.org/
  specs:
    actionmailer (3.1.10)
      actionpack (= 3.1.10)
      mail (~> 2.3.3)
    actionpack (3.1.10)
      activemodel (= 3.1.10)
      activesupport (= 3.1.10)
      builder (~> 3.0.0)
      erubis (~> 2.7.0)
      i18n (~> 0.6)
      rack (~> 1.3.6)
      rack-cache (~> 1.2)
      rack-mount (~> 0.8.2)
      rack-test (~> 0.6.1)
      sprockets (~> 2.0.4)
    active_model_serializers (0.6.0)
      activemodel (>= 3.0)
    activemodel (3.1.10)
      activesupport (= 3.1.10)
      builder (~> 3.0.0)
      i18n (~> 0.6)
    activerecord (3.1.10)
      activemodel (= 3.1.10)
      activesupport (= 3.1.10)
      arel (~> 2.2.3)
      tzinfo (~> 0.3.29)
    activeresource (3.1.10)
      activemodel (= 3.1.10)
      activesupport (= 3.1.10)
    activesupport (3.1.10)
      multi_json (>= 1.0, < 1.3)
    addressable (2.2.8)
    aker (3.0.4)
      activesupport (>= 2.3.0)
      castanet (~> 1.0.0)
      i18n (~> 0.4)
      net-ldap (~> 0.1.1)
      rubytree (~> 0.7.0)
      warden (~> 1.0)
    aker-cas_cli (1.0.0)
      aker (~> 3.0)
      mechanize (~> 2.1.0)
    aker-rails (3.0.2)
      aker (~> 3.0)
      rails (~> 3.0, >= 3.0.4)
    annotate (2.5.0)
      rake
    arel (2.2.3)
    bcdatabase (1.2.1)
      activesupport (>= 2.0)
      highline (~> 1.5)
      i18n
      thor (~> 0.14.6)
    bcrypt-ruby (3.0.1)
    builder (3.0.4)
    capistrano (2.12.0)
      highline
      net-scp (>= 1.0.0)
      net-sftp (>= 2.0.0)
      net-ssh (>= 2.0.14)
      net-ssh-gateway (>= 1.1.0)
    capybara (1.1.2)
      mime-types (>= 1.16)
      nokogiri (>= 1.3.3)
      rack (>= 1.0.0)
      rack-test (>= 0.5.4)
      selenium-webdriver (~> 2.0)
      xpath (~> 0.1.4)
    case (0.5.2.1)
    castanet (1.0.1)
    celluloid (0.12.3)
      facter (>= 1.6.12)
      timers (>= 1.0.0)
    childprocess (0.2.9)
      ffi (~> 1.0.6)
    chronic (0.6.7)
    chunky_png (1.2.5)
    ci_reporter (1.7.0)
      builder (>= 2.1.2)
    clockwork (0.4.1)
      tzinfo
    coffee-rails (3.1.1)
      coffee-script (>= 2.2.0)
      railties (~> 3.1.0)
    coffee-script (2.2.0)
      coffee-script-source
      execjs
    coffee-script-source (1.3.3)
    columnize (0.3.6)
    comma (3.0.3)
    compass (0.12.1)
      chunky_png (~> 1.2)
      fssm (>= 0.2.7)
      sass (~> 3.1)
    compass-rails (1.0.1)
      compass (~> 0.12.0)
    connection_pool (0.9.2)
    crack (0.3.1)
    cucumber (1.1.9)
      builder (>= 2.1.2)
      diff-lcs (>= 1.1.2)
      gherkin (~> 2.9.0)
      json (>= 1.4.6)
      term-ansicolor (>= 1.0.6)
    cucumber-rails (1.3.0)
      capybara (>= 1.1.2)
      cucumber (>= 1.1.8)
      nokogiri (>= 1.5.0)
    dante (0.1.5)
    data_objects (0.10.12)
      addressable (~> 2.1)
    debugger (1.2.2)
      columnize (>= 0.3.1)
      debugger-linecache (~> 1.1.1)
      debugger-ruby_core_source (~> 1.1.5)
    debugger-linecache (1.1.2)
      debugger-ruby_core_source (>= 1.1.1)
    debugger-ruby_core_source (1.1.5)
    diff-lcs (1.1.3)
    dm-aggregates (1.2.0)
      dm-core (~> 1.2.0)
    dm-ar-finders (1.2.0)
      dm-core (~> 1.2.0)
    dm-constraints (1.2.0)
      dm-core (~> 1.2.0)
    dm-core (1.2.0)
      addressable (~> 2.2.6)
    dm-do-adapter (1.2.0)
      data_objects (~> 0.10.6)
      dm-core (~> 1.2.0)
    dm-migrations (1.2.0)
      dm-core (~> 1.2.0)
    dm-postgres-adapter (1.2.0)
      dm-do-adapter (~> 1.2.0)
      do_postgres (~> 0.10.6)
    dm-transactions (1.2.0)
      dm-core (~> 1.2.0)
    dm-types (1.2.2)
      bcrypt-ruby (~> 3.0)
      dm-core (~> 1.2.0)
      fastercsv (~> 1.5)
      json (~> 1.6)
      multi_json (~> 1.0)
      stringex (~> 1.4)
      uuidtools (~> 2.1)
    dm-validations (1.2.0)
      dm-core (~> 1.2.0)
    do_postgres (0.10.12)
      data_objects (= 0.10.12)
    domain_name (0.5.3)
      unf (~> 0.0.3)
    em-websocket (0.3.6)
      addressable (>= 2.1.1)
      eventmachine (>= 0.12.9)
    erubis (2.7.0)
    eventmachine (0.12.10)
    exception_notification (2.6.1)
      actionmailer (>= 3.0.4)
    execjs (1.4.0)
      multi_json (~> 1.0)
    facets (2.9.3)
    facter (1.6.14)
    factory_girl (2.6.4)
      activesupport (>= 2.3.9)
    fakeweb (1.3.0)
    faraday (0.7.6)
      addressable (~> 2.2)
      multipart-post (~> 1.1)
      rack (~> 1.1)
    faraday-stack (0.1.5)
      faraday (>= 0.6, < 0.8)
    fastercsv (1.5.5)
    ffi (1.0.11)
    foreigner (1.1.6)
      activerecord (>= 3.0.0)
    foreman (0.47.0)
      thor (>= 0.13.6)
    formtastic (2.1.1)
      actionpack (~> 3.0)
    fssm (0.2.9)
    gherkin (2.9.3)
      json (>= 1.4.6)
    guard (1.1.1)
      listen (>= 0.4.2)
      thor (>= 0.14.6)
    guard-bundler (1.0.0)
      bundler (~> 1.0)
      guard (~> 1.1)
    guard-coffeescript (1.0.0)
      coffee-script (>= 2.2.0)
      guard (>= 1.1.0)
    guard-cucumber (0.7.5)
      cucumber (>= 0.10)
      guard (>= 0.8.3)
    guard-livereload (1.0.0)
      em-websocket (>= 0.2.0)
      guard (>= 1.1.0)
      multi_json (~> 1.0)
    guard-rspec (1.0.1)
      guard (>= 1.1)
    guard-spork (1.0.0)
      guard (>= 1.0.0)
      spork (>= 0.8.4)
    haml (3.1.7)
    hana (1.0.1)
    highline (1.6.15)
    hike (1.2.1)
    i18n (0.6.1)
    inifile (0.4.1)
    jasmine (1.2.0)
      jasmine-core (>= 1.2.0)
      rack (~> 1.0)
      rspec (>= 1.3.1)
      selenium-webdriver (>= 0.1.3)
    jasmine-core (1.2.0)
    jquery-rails (1.0.19)
      railties (~> 3.0)
      thor (~> 0.14)
    json (1.7.6)
    jsv.rb (0.0.1.pre2)
      execjs
    launchy (2.1.0)
      addressable (~> 2.2.6)
    libv8 (3.3.10.4)
    libwebsocket (0.1.3)
      addressable
    listen (0.4.5)
      rb-fchange (~> 0.0.5)
      rb-fsevent (~> 0.9.1)
      rb-inotify (~> 0.8.8)
    lograge (0.1.0)
      actionpack
      activesupport
    mail (2.3.3)
      i18n (>= 0.4.0)
      mime-types (~> 1.16)
      treetop (~> 1.4.8)
    mechanize (2.1.1)
      domain_name (~> 0.5, >= 0.5.1)
      net-http-digest_auth (~> 1.1, >= 1.1.1)
      net-http-persistent (~> 2.4, >= 2.4.1)
      nokogiri (~> 1.4)
      ntlm-http (~> 0.1, >= 0.1.1)
      webrobots (~> 0.0, >= 0.0.9)
    mime-types (1.20.1)
    multi_json (1.2.0)
    multipart-post (1.1.5)
    mustache (0.99.4)
    ncs_mdes (0.11.0)
      nokogiri (~> 1.5.6)
    ncs_mdes_warehouse (0.11.0)
      actionmailer (~> 3.0)
      activesupport (~> 3.0, != 3.2.6, != 3.2.5, != 3.2.4)
      bcdatabase (~> 1.1)
      builder (>= 2.1.2)
      childprocess (~> 0.2.3)
      dm-aggregates (~> 1.2.0)
      dm-constraints (~> 1.2.0)
      dm-core (~> 1.2.0)
      dm-migrations (~> 1.2.0)
      dm-postgres-adapter (~> 1.2.0)
      dm-transactions (~> 1.2.0)
      dm-types (~> 1.2.0)
      dm-validations (~> 1.2.0)
      i18n (~> 0.4)
      json (~> 1.6)
      ncs_mdes (~> 0.11)
      ncs_navigator_configuration (~> 0.2)
      nokogiri (~> 1.5.6)
      rgl
      rubyzip (~> 0.9.4)
      thor (~> 0.14.6)
      treetop
    ncs_navigator_authority (1.1.1)
      aker (~> 3.0)
      faraday (~> 0.7.5)
      faraday-stack (~> 0.1.3)
      ncs_navigator_configuration (~> 0.2)
    net-http-digest_auth (1.2.1)
    net-http-persistent (2.7)
    net-ldap (0.1.1)
    net-scp (1.0.4)
      net-ssh (>= 1.99.1)
    net-sftp (2.0.5)
      net-ssh (>= 2.0.9)
    net-ssh (2.5.2)
    net-ssh-gateway (1.1.0)
      net-ssh (>= 1.99.1)
    nokogiri (1.5.6)
    ntlm-http (0.1.1)
    paper_trail (2.6.3)
      activerecord (~> 3.0)
      railties (~> 3.0)
    perftools.rb (2.0.0)
    pg (0.13.2)
    pickle (0.4.10)
      cucumber (>= 0.8)
      rake
    polyamorous (0.5.0)
      activerecord (~> 3.0)
    polyglot (0.3.3)
    psc (0.0.2)
      activesupport (>= 2.3)
      builder (>= 2.1.2)
      faraday (~> 0.7.0)
      faraday-stack (~> 0.1.1)
      nokogiri (~> 1.4)
    rabl (0.6.14)
      activesupport (>= 2.3.14)
      multi_json (~> 1.0)
    rack (1.3.9)
    rack-cache (1.2)
      rack (>= 0.4)
    rack-mount (0.8.3)
      rack (>= 1.0.0)
    rack-ssl (1.3.2)
      rack
    rack-test (0.6.2)
      rack (>= 1.0)
    rails (3.1.10)
      actionmailer (= 3.1.10)
      actionpack (= 3.1.10)
      activerecord (= 3.1.10)
      activeresource (= 3.1.10)
      activesupport (= 3.1.10)
      bundler (~> 1.0)
      railties (= 3.1.10)
    railties (3.1.10)
      actionpack (= 3.1.10)
      activesupport (= 3.1.10)
      rack-ssl (~> 1.3.2)
      rake (>= 0.8.7)
      rdoc (~> 3.4)
      thor (~> 0.14.6)
    rake (10.0.3)
    ransack (0.6.0)
      actionpack (~> 3.0)
      activerecord (~> 3.0)
      polyamorous (~> 0.5.0)
    rb-fchange (0.0.5)
      ffi
    rb-fsevent (0.9.1)
    rb-inotify (0.8.8)
      ffi (>= 0.5.0)
    rdoc (3.12)
      json (~> 1.4)
    redis (3.0.2)
    redis-namespace (1.2.1)
      redis (~> 3.0.0)
    rgl (0.4.0)
      rake
      stream (>= 0.5)
    rspec (2.6.0)
      rspec-core (~> 2.6.0)
      rspec-expectations (~> 2.6.0)
      rspec-mocks (~> 2.6.0)
    rspec-core (2.6.4)
    rspec-expectations (2.6.0)
      diff-lcs (~> 1.1.2)
    rspec-mocks (2.6.0)
    rspec-rails (2.6.1)
      actionpack (~> 3.0)
      activesupport (~> 3.0)
      railties (~> 3.0)
      rspec (~> 2.6.0)
    rubytree (0.7.0)
    rubyzip (0.9.9)
    sass (3.1.21)
    sass-rails (3.1.5)
      actionpack (~> 3.1.0)
      railties (~> 3.1.0)
      sass (~> 3.1.10)
      tilt (~> 1.3.2)
    selenium-webdriver (2.22.2)
      childprocess (>= 0.2.5)
      ffi (~> 1.0)
      libwebsocket (~> 0.1.3)
      multi_json (~> 1.0)
      rubyzip
    shoulda (3.0.1)
      shoulda-context (~> 1.0.0)
      shoulda-matchers (~> 1.0.0)
    shoulda-context (1.0.0)
    shoulda-matchers (1.0.0)
    sidekiq (2.5.2)
      celluloid (~> 0.12.0)
      connection_pool (~> 0.9.2)
      multi_json (~> 1)
      redis (~> 3)
      redis-namespace
    simplecov (0.6.4)
      multi_json (~> 1.0)
      simplecov-html (~> 0.5.3)
    simplecov-html (0.5.3)
    spork (1.0.0rc3)
    sprockets (2.0.4)
      hike (~> 1.2)
      rack (~> 1.0)
      tilt (~> 1.1, != 1.3.0)
    state_machine (1.1.2)
    state_machine-audit_trail (0.1.0)
      state_machine
    stream (0.5)
    stringex (1.5.1)
    surveyor (1.2.0)
      fastercsv (~> 1.5.4)
      formtastic (~> 2.1.0)
      haml (~> 3.1.3)
      mustache (= 0.99.4)
      rabl (~> 0.6.13)
      rails (~> 3.0)
      sass
      uuidtools (~> 2.1)
    term-ansicolor (1.0.7)
    test-unit (2.4.8)
    therubyracer (0.10.1)
      libv8 (~> 3.3.10)
    thor (0.14.6)
    tilt (1.3.3)
    timers (1.0.1)
    treetop (1.4.12)
      polyglot
      polyglot (>= 0.3.1)
    tzinfo (0.3.35)
    uglifier (1.2.4)
      execjs (>= 0.3.0)
      multi_json (>= 1.0.2)
    unf (0.0.5)
      unf_ext
    unf_ext (0.0.5)
    uuidtools (2.1.3)
    vcr (2.4.0)
    warden (1.2.1)
      rack (>= 1.0)
    webmock (1.8.7)
      addressable (>= 2.2.7)
      crack (>= 0.1.7)
    webrobots (0.0.13)
    will_paginate (3.0.3)
    xpath (0.1.4)
      nokogiri (~> 1.3)

PLATFORMS
  ruby

DEPENDENCIES
  active_model_serializers
  aker (~> 3.0)
  aker-cas_cli (~> 1.0)
  aker-rails
  annotate (~> 2.5.0)
  bcdatabase (~> 1.0)
  capistrano
  capybara
  case
  celluloid (>= 0.12.0)
  chronic
  ci_reporter
  clockwork
  coffee-rails (~> 3.1.0)
  comma
  compass-rails
  cucumber (~> 1.1.9)
  cucumber-rails
  dante
  database_cleaner!
  debugger
  dm-ar-finders (~> 1.2.0)
  exception_notification
  execjs
  facets
  factory_girl (~> 2.6)
  fakeweb
  faraday
  fastercsv
  foreigner
  foreman
  guard
  guard-bundler
  guard-coffeescript
  guard-cucumber
  guard-livereload
  guard-rspec
  guard-spork
  haml (~> 3.1)
  hana
  jasmine
  jquery-rails
  jsv.rb
  launchy
  lograge
  mustache
  ncs_mdes (>= 0.11.0)
  ncs_mdes_warehouse (~> 0.11)
  ncs_navigator_authority
  ncs_navigator_configuration!
  paper_trail (~> 2)
  perftools.rb
  pg
  pickle
  psc
  rack-test
  rails (= 3.1.10)
  ransack
  rb-fsevent
  redis
  rspec-rails (= 2.6.1)
  sass-rails (~> 3.1.0, != 3.1.6)
  shoulda
  sidekiq
  simplecov
  spork (> 0.9.0.rc)
  state_machine
  state_machine-audit_trail
  surveyor (~> 1.2.0)
  test-unit (= 2.4.8)
  therubyracer
  uglifier
  uuidtools
  vcr (~> 2.4)
  webmock
  will_paginate
